PATH
  remote: .
  specs:
    whysoslow (0.0.1)

GEM
  remote: http://rubygems.org/
  specs:
    ansi (1.4.2)
    assert (0.7.3)
      assert-view (~> 0.5)
    assert-view (0.5.0)
      ansi (~> 1.3)
      undies (~> 2.0)
    rake (0.9.2.2)
    undies (2.2.0)

PLATFORMS
  ruby

DEPENDENCIES
  assert
  bundler
  rake (~> 0.9.2)
  whysoslow!
